GEM
  remote: https://rubygems.org/
  specs:
    base32 (0.3.4)
    base64 (0.2.0)
    bigdecimal (3.1.6)
    connection_pool (2.4.1)
    csv (3.3.0)
    dotenv (3.1.0)
    httparty (0.22.0)
      csv
      mini_mime (>= 1.0.0)
      multi_xml (>= 0.5.2)
    mini_mime (1.1.5)
    multi_xml (0.7.1)
      bigdecimal (~> 3.1)
    mustermann (3.0.0)
      ruby2_keywords (~> 0.0.1)
    pg (1.5.6)
    rack (3.0.9.1)
    rack-protection (4.0.0)
      base64 (>= 0.1.0)
      rack (>= 3.0.0, < 4)
    rack-session (2.0.0)
      rack (>= 3.0.0)
    rackup (2.1.0)
      rack (>= 3)
      webrick (~> 1.8)
    redis (5.2.0)
      redis-client (>= 0.22.0)
    redis-client (0.22.2)
      connection_pool
    ruby2_keywords (0.0.5)
    sequel (5.78.0)
      bigdecimal
    sinatra (4.0.0)
      mustermann (~> 3.0)
      rack (>= 3.0.0, < 4)
      rack-protection (= 4.0.0)
      rack-session (>= 2.0.0, < 3)
      tilt (~> 2.0)
    tilt (2.3.0)
    webrick (1.8.1)

PLATFORMS
  x86_64-linux

DEPENDENCIES
  base32 (~> 0.3.4)
  dotenv (~> 3.1)
  httparty (~> 0.22)
  pg (~> 1.5, >= 1.5.6)
  rackup (~> 2.1)
  redis (~> 5.2)
  sequel (~> 5.78)
  sinatra (~> 4.0)

BUNDLED WITH
   2.4.19
